GIT
  remote: git@github.com:schacon/showoff.git
  revision: 1eae5791f04c5f58b6821b9e17aef0dcb20ebdb3
  specs:
    showoff (0.7.0)
      gli (~> 2)
      json
      nokogiri
      parslet
      redcarpet
      sinatra (~> 1.3)

GEM
  remote: http://rubygems.org/
  specs:
    blankslate (2.1.2.4)
    gli (2.5.4)
    json (1.7.7)
    nokogiri (1.5.6)
    parslet (1.5.0)
      blankslate (~> 2.0)
    rack (1.5.2)
    rack-protection (1.3.2)
      rack
    redcarpet (2.1.1)
    sinatra (1.3.4)
      rack (~> 1.4)
      rack-protection (~> 1.3)
      tilt (~> 1.3, >= 1.3.3)
    tilt (1.3.3)

PLATFORMS
  ruby

DEPENDENCIES
  redcarpet
  showoff!
