GIT
  remote: git@github.com:puppetlabs/showoff.git
  revision: 236a125c695e0c28b88ccfd625fb436431a12089
  specs:
    showoff (0.7.PL)
      gli (>= 1.3.2)
      json
      nokogiri
      parslet
      redcarpet
      sinatra (~> 1.3)

GEM
  remote: http://rubygems.org/
  specs:
    blankslate (2.1.2.4)
    gli (2.5.3)
    json (1.7.6)
    nokogiri (1.5.6)
    parslet (1.5.0)
      blankslate (~> 2.0)
    rack (1.4.3)
    rack-protection (1.3.2)
      rack
    redcarpet (2.1.1)
    sinatra (1.3.3)
      rack (~> 1.3, >= 1.3.6)
      rack-protection (~> 1.2)
      tilt (~> 1.3, >= 1.3.3)
    tilt (1.3.3)

PLATFORMS
  ruby

DEPENDENCIES
  redcarpet
  showoff!
